GIT
  remote: git://github.com/puppetlabs/jekyll.git
  revision: fe15ab6a097fad071c6003c642b8e226607d9d52
  branch: puppetdocs
  specs:
    jekyll (0.11.2)
      albino (~> 1.3)
      classifier (~> 1.3)
      directory_watcher (~> 1.1)
      kramdown (~> 0.13)
      liquid (~> 2.3)
      maruku (~> 0.5)

GEM
  remote: https://rubygems.org/
  specs:
    activemodel (3.2.14)
      activesupport (= 3.2.14)
      builder (~> 3.0.0)
    activerecord (3.2.14)
      activemodel (= 3.2.14)
      activesupport (= 3.2.14)
      arel (~> 3.0.2)
      tzinfo (~> 0.3.29)
    activesupport (3.2.14)
      i18n (~> 0.6, >= 0.6.4)
      multi_json (~> 1.0)
    albino (1.3.3)
      posix-spawn (>= 0.3.6)
    arel (3.0.2)
    blockenspiel (0.4.5)
    builder (3.0.4)
    classifier (1.3.3)
      fast-stemmer (>= 1.0.0)
    directory_watcher (1.5.1)
    facter (1.7.2)
    fast-stemmer (1.0.2)
    i18n (0.6.5)
    json (1.8.0)
    kramdown (0.14.2)
    liquid (2.5.1)
    maruku (0.6.1)
      syntax (>= 1.0.0)
    multi_json (1.7.9)
    open4 (1.3.0)
    posix-spawn (0.3.6)
    rack (1.5.2)
    rake (10.1.0)
    rake-remote_task (2.2.1)
      open4 (~> 1.0)
      rake (>= 0.8, < 11.0)
    rdoc (4.0.1)
      json (~> 1.4)
    syntax (1.0.0)
    tzinfo (0.3.37)
    versionomy (0.4.4)
      blockenspiel (>= 0.4.5)
    vlad (2.6.2)
      rake (>= 0.8, < 11.0)
      rake-remote_task (~> 2.1)
    vlad-git (2.2.0)
      vlad (>= 2.1.0)
    yard (0.8.7)

PLATFORMS
  ruby

DEPENDENCIES
  activerecord (~> 3)
  facter
  jekyll!
  kramdown
  maruku
  rack
  rake
  rdoc
  versionomy
  vlad
  vlad-git
  yard
