GIT
  remote: https://github.com/puppetlabs/puppet-strings.git
  revision: 8f11ae8b3577b07062c0cbd08b4396ca05fb16b0
  tag: v2.4.0
  specs:
    puppet-strings (2.4.0)
      rgen
      yard (~> 0.9.5)

PATH
  remote: .
  specs:
    puppet_docs (0.1)

GEM
  remote: https://rubygems.org/
  specs:
    activemodel (3.2.22.5)
      activesupport (= 3.2.22.5)
      builder (~> 3.0.0)
    activerecord (3.2.22.5)
      activemodel (= 3.2.22.5)
      activesupport (= 3.2.22.5)
      arel (~> 3.0.2)
      tzinfo (~> 0.3.29)
    activesupport (3.2.22.5)
      i18n (~> 0.6, >= 0.6.4)
      multi_json (~> 1.0)
    addressable (2.7.0)
      public_suffix (>= 2.0.2, < 5.0)
    arel (3.0.3)
    blockenspiel (0.5.0)
    builder (3.0.4)
    colorator (1.1.0)
    concurrent-ruby (1.1.6)
    deep_merge (1.2.1)
    em-websocket (0.5.1)
      eventmachine (>= 0.12.9)
      http_parser.rb (~> 0.6.0)
    eventmachine (1.2.7)
    facter (4.0.30)
      hocon (~> 1.3)
      thor (>= 1.0.1, < 2.0)
    fast_gettext (1.8.0)
    ffi (1.13.1)
    forwardable-extended (2.6.0)
    git (1.7.0)
      rchardet (~> 1.8)
    hiera (3.6.0)
    hocon (1.3.1)
    hpricot (0.8.6)
    http_parser.rb (0.6.0)
    httpclient (2.8.3)
    i18n (0.9.5)
      concurrent-ruby (~> 1.0)
    jekyll (3.8.7)
      addressable (~> 2.4)
      colorator (~> 1.0)
      em-websocket (~> 0.5)
      i18n (~> 0.7)
      jekyll-sass-converter (~> 1.0)
      jekyll-watch (~> 2.0)
      kramdown (~> 1.14)
      liquid (~> 4.0)
      mercenary (~> 0.3.3)
      pathutil (~> 0.9)
      rouge (>= 1.7, < 4)
      safe_yaml (~> 1.0)
    jekyll-sass-converter (1.5.2)
      sass (~> 3.4)
    jekyll-watch (2.2.1)
      listen (~> 3.0)
    json (2.3.1)
    kramdown (1.17.0)
    liquid (4.0.3)
    listen (3.2.1)
      rb-fsevent (~> 0.10, >= 0.10.3)
      rb-inotify (~> 0.9, >= 0.9.10)
    locale (2.1.3)
    maruku (0.7.3)
    mercenary (0.3.6)
    mini_portile2 (2.4.0)
    multi_json (1.15.0)
    mustache (1.1.1)
    nokogiri (1.10.10)
      mini_portile2 (~> 2.4.0)
    open4 (1.3.4)
    pathutil (0.16.2)
      forwardable-extended (~> 2.6)
    pragmatic_segmenter (0.3.22)
      unicode
    public_suffix (4.0.5)
    punkt-segmenter (0.9.1)
      unicode_utils (>= 1.0.0)
    puppet (6.17.0)
      concurrent-ruby (~> 1.0)
      deep_merge (~> 1.0)
      facter (> 2.0.1, < 5)
      fast_gettext (~> 1.1)
      hiera (>= 3.2.1, < 4)
      httpclient (~> 2.8)
      locale (~> 2.1)
      multi_json (~> 1.10)
      puppet-resource_api (~> 1.5)
      semantic_puppet (~> 1.0)
    puppet-resource_api (1.8.13)
      hocon (>= 1.0)
    rack (2.2.3)
    rake (13.0.1)
    rb-fsevent (0.10.4)
    rb-inotify (0.10.1)
      ffi (~> 1.0)
    rchardet (1.8.0)
    rdiscount (2.2.0.1)
    rdoc (6.2.1)
    rgen (0.8.2)
    ronn (0.7.3)
      hpricot (>= 0.8.2)
      mustache (>= 0.7.0)
      rdiscount (>= 1.5.8)
    rouge (3.21.0)
    safe_yaml (1.0.5)
    sass (3.7.4)
      sass-listen (~> 4.0.0)
    sass-listen (4.0.0)
      rb-fsevent (~> 0.9, >= 0.9.4)
      rb-inotify (~> 0.9, >= 0.9.7)
    semantic_puppet (1.0.2)
    thor (1.0.1)
    tzinfo (0.3.57)
    unicode (0.4.4.4)
    unicode_utils (1.4.0)
    versionomy (0.5.0)
      blockenspiel (~> 0.5)
    vlad (1.4.0)
      open4
      rake (>= 0.8.1)
    vlad-git (2.1.0)
    yard (0.9.25)

PLATFORMS
  ruby

DEPENDENCIES
  activerecord (~> 3)
  git (~> 1.7)
  jekyll (~> 3.8)
  json (~> 2.3, >= 2.3.1)
  kramdown (~> 1.17)
  listen (~> 3.2.1)
  maruku (~> 0.7)
  nokogiri (~> 1.10)
  pragmatic_segmenter (~> 0.3)
  punkt-segmenter (~> 0.9)
  puppet (~> 6)
  puppet-strings!
  puppet_docs!
  rack (~> 2.2, >= 2.2.3)
  rake (~> 13.0, >= 13.0.1)
  rdoc (~> 6.2)
  rgen (~> 0.8)
  ronn (~> 0.7)
  versionomy (~> 0.5.0)
  vlad (~> 1.4)
  vlad-git (~> 2.1)
  yard (~> 0.9)
