PATH
  remote: .
  specs:
    puppet_docs (0.1)

GEM
  remote: https://rubygems.org/
  specs:
    CFPropertyList (2.3.6)
    activemodel (6.0.3.4)
      activesupport (= 6.0.3.4)
    activerecord (6.0.3.4)
      activemodel (= 6.0.3.4)
      activesupport (= 6.0.3.4)
    activesupport (6.0.3.4)
      concurrent-ruby (~> 1.0, >= 1.0.2)
      i18n (>= 0.7, < 2)
      minitest (~> 5.1)
      tzinfo (~> 1.1)
      zeitwerk (~> 2.2, >= 2.2.2)
    addressable (2.7.0)
      public_suffix (>= 2.0.2, < 5.0)
    blockenspiel (0.5.0)
    colorator (1.1.0)
    concurrent-ruby (1.1.7)
    deep_merge (1.2.1)
    em-websocket (0.5.1)
      eventmachine (>= 0.12.9)
      http_parser.rb (~> 0.6.0)
    eventmachine (1.2.7)
    facter (4.0.44)
      hocon (~> 1.3)
      thor (>= 1.0.1, < 2.0)
    fast_gettext (1.8.0)
    ffi (1.13.1)
    forwardable-extended (2.6.0)
    git (1.7.0)
      rchardet (~> 1.8)
    hiera (3.6.0)
    hocon (1.3.1)
    hpricot (0.8.6)
    http_parser.rb (0.6.0)
    httpclient (2.8.3)
    i18n (1.8.5)
      concurrent-ruby (~> 1.0)
    jekyll (4.1.1)
      addressable (~> 2.4)
      colorator (~> 1.0)
      em-websocket (~> 0.5)
      i18n (~> 1.0)
      jekyll-sass-converter (~> 2.0)
      jekyll-watch (~> 2.0)
      kramdown (~> 2.1)
      kramdown-parser-gfm (~> 1.0)
      liquid (~> 4.0)
      mercenary (~> 0.4.0)
      pathutil (~> 0.9)
      rouge (~> 3.0)
      safe_yaml (~> 1.0)
      terminal-table (~> 1.8)
    jekyll-sass-converter (2.1.0)
      sassc (> 2.0.1, < 3.0)
    jekyll-watch (2.2.1)
      listen (~> 3.0)
    json (2.3.1)
    kramdown (2.3.0)
      rexml
    kramdown-parser-gfm (1.1.0)
      kramdown (~> 2.0)
    liquid (4.0.3)
    listen (3.3.2)
      rb-fsevent (~> 0.10, >= 0.10.3)
      rb-inotify (~> 0.9, >= 0.9.10)
    locale (2.1.3)
    maruku (0.7.3)
    mercenary (0.4.0)
    mini_portile2 (2.4.0)
    minitest (5.14.2)
    multi_json (1.15.0)
    mustache (1.1.1)
    nokogiri (1.10.10)
      mini_portile2 (~> 2.4.0)
    open4 (1.3.4)
    pathutil (0.16.2)
      forwardable-extended (~> 2.6)
    pragmatic_segmenter (0.3.22)
      unicode
    public_suffix (4.0.6)
    punkt-segmenter (0.9.1)
      unicode_utils (>= 1.0.0)
    puppet (6.19.1)
      concurrent-ruby (~> 1.0)
      deep_merge (~> 1.0)
      facter (> 2.0.1, < 5)
      fast_gettext (~> 1.1)
      hiera (>= 3.2.1, < 4)
      httpclient (~> 2.8)
      locale (~> 2.1)
      multi_json (~> 1.10)
      puppet-resource_api (~> 1.5)
      semantic_puppet (~> 1.0)
    puppet (6.19.1-universal-darwin)
      CFPropertyList (~> 2.2)
      concurrent-ruby (~> 1.0)
      deep_merge (~> 1.0)
      facter (> 2.0.1, < 5)
      fast_gettext (~> 1.1)
      hiera (>= 3.2.1, < 4)
      httpclient (~> 2.8)
      locale (~> 2.1)
      multi_json (~> 1.10)
      puppet-resource_api (~> 1.5)
      semantic_puppet (~> 1.0)
    puppet-resource_api (1.8.13)
      hocon (>= 1.0)
    puppet-strings (2.5.0)
      rgen
      yard (~> 0.9.5)
    rack (2.2.3)
    rake (13.0.1)
    rb-fsevent (0.10.4)
    rb-inotify (0.10.1)
      ffi (~> 1.0)
    rchardet (1.8.0)
    rdiscount (2.2.0.1)
    rdoc (6.2.1)
    rexml (3.2.4)
    rgen (0.8.2)
    ronn (0.7.3)
      hpricot (>= 0.8.2)
      mustache (>= 0.7.0)
      rdiscount (>= 1.5.8)
    rouge (3.23.0)
    safe_yaml (1.0.5)
    sassc (2.4.0)
      ffi (~> 1.9)
    semantic_puppet (1.0.2)
    terminal-table (1.8.0)
      unicode-display_width (~> 1.1, >= 1.1.1)
    thor (1.0.1)
    thread_safe (0.3.6)
    tzinfo (1.2.7)
      thread_safe (~> 0.1)
    unicode (0.4.4.4)
    unicode-display_width (1.7.0)
    unicode_utils (1.4.0)
    versionomy (0.5.0)
      blockenspiel (~> 0.5)
    vlad (1.4.0)
      open4
      rake (>= 0.8.1)
    vlad-git (2.1.0)
    yard (0.9.25)
    zeitwerk (2.4.0)

PLATFORMS
  ruby
  x86_64-darwin-18

DEPENDENCIES
  activerecord (~> 6)
  git (~> 1.7)
  jekyll (~> 4.1)
  json (~> 2.3, >= 2.3.1)
  kramdown (~> 2.3)
  listen (~> 3.3.2)
  maruku (~> 0.7)
  nokogiri (~> 1.10)
  pragmatic_segmenter (~> 0.3)
  punkt-segmenter (~> 0.9)
  puppet (~> 6)
  puppet-strings
  puppet_docs!
  rack (~> 2.2, >= 2.2.3)
  rake (~> 13.0, >= 13.0.1)
  rdoc (~> 6.2)
  rgen (~> 0.8)
  ronn (~> 0.7)
  versionomy (~> 0.5.0)
  vlad (~> 1.4)
  vlad-git (~> 2.1)
  yard (~> 0.9)
